PATH
  remote: .
  specs:
    chef-utils (15.4.27)

GEM
  remote: https://rubygems.org/
  specs:
    diff-lcs (1.3)
    fauxhai (7.4.0)
      net-ssh
    net-ssh (5.2.0)
    rake (12.3.1)
    rspec (3.8.0)
      rspec-core (~> 3.8.0)
      rspec-expectations (~> 3.8.0)
      rspec-mocks (~> 3.8.0)
    rspec-core (3.8.2)
      rspec-support (~> 3.8.0)
    rspec-expectations (3.8.6)
      diff-lcs (>= 1.2.0, < 2.0)
      rspec-support (~> 3.8.0)
    rspec-mocks (3.8.2)
      diff-lcs (>= 1.2.0, < 2.0)
      rspec-support (~> 3.8.0)
    rspec-support (3.8.3)

PLATFORMS
  ruby

DEPENDENCIES
  chef-utils!
  fauxhai
  rake
  rspec

BUNDLED WITH
   1.17.3
